GEM
  remote: https://rubygems.org/
  specs:
    parslet (2.0.0)
    rubyzip (2.4.1)
    toml (0.3.0)
      parslet (>= 1.8.0, < 3.0.0)

PLATFORMS
  ruby
  x86_64-linux

DEPENDENCIES
  rubyzip (~> 2.4.1)
  toml (~> 0.3.0)

BUNDLED WITH
   2.5.22
