GEM
  remote: https://rubygems.org/
  specs:
    diff-lcs (1.5.1)
    fakefs (3.0.0)
    mini_portile2 (2.8.8)
    nokogiri (1.18.2)
      mini_portile2 (~> 2.8.2)
      racc (~> 1.4)
    nokogiri (1.18.2-x86_64-linux-gnu)
      racc (~> 1.4)
    parslet (2.0.0)
    racc (1.8.1)
    rainbow (3.1.1)
    rspec (3.13.0)
      rspec-core (~> 3.13.0)
      rspec-expectations (~> 3.13.0)
      rspec-mocks (~> 3.13.0)
    rspec-core (3.13.2)
      rspec-support (~> 3.13.0)
    rspec-expectations (3.13.3)
      diff-lcs (>= 1.2.0, < 2.0)
      rspec-support (~> 3.13.0)
    rspec-mocks (3.13.2)
      diff-lcs (>= 1.2.0, < 2.0)
      rspec-support (~> 3.13.0)
    rspec-support (3.13.2)
    rubyzip (2.4.1)
    terminal-table (3.0.2)
      unicode-display_width (>= 1.1.1, < 3)
    toml (0.3.0)
      parslet (>= 1.8.0, < 3.0.0)
    unicode-display_width (2.6.0)

PLATFORMS
  ruby
  x86_64-linux

DEPENDENCIES
  fakefs (~> 3.0.0)
  nokogiri (~> 1.18.2)
  rainbow
  rspec (~> 3.13.0)
  rubyzip (~> 2.4.1)
  terminal-table (~> 3.0.2)
  toml (~> 0.3.0)

BUNDLED WITH
   2.5.22
