GEM
  remote: https://rubygems.org/
  specs:
    mini_portile2 (2.8.8)
    nokogiri (1.18.2)
      mini_portile2 (~> 2.8.2)
      racc (~> 1.4)
    nokogiri (1.18.2-x86_64-linux-gnu)
      racc (~> 1.4)
    parslet (2.0.0)
    racc (1.8.1)
    rubyzip (2.4.1)
    toml (0.3.0)
      parslet (>= 1.8.0, < 3.0.0)

PLATFORMS
  ruby
  x86_64-linux

DEPENDENCIES
  nokogiri
  rubyzip (~> 2.4.1)
  toml (~> 0.3.0)

BUNDLED WITH
   2.5.22
